GEM
  remote: https://rubygems.org/
  specs:
    builder (3.2.2)
    curb (0.9.3)
    hue (0.2.0)
      curb
      json
      log_switch (= 0.4.0)
      thor
    json (1.8.3)
    jwt (1.5.4)
    log_switch (0.4.0)
    multi_json (1.11.3)
    rack (1.6.4)
    rack-protection (1.5.3)
      rack
    shotgun (0.9.1)
      rack (>= 1.0)
    sinatra (1.4.7)
      rack (~> 1.5)
      rack-protection (~> 1.4)
      tilt (>= 1.3, < 3)
    thor (0.19.1)
    tilt (2.0.2)
    twilio-ruby (4.11.1)
      builder (>= 2.1.2)
      jwt (~> 1.0)
      multi_json (>= 1.3.0)

PLATFORMS
  ruby

DEPENDENCIES
  hue
  shotgun
  sinatra
  twilio-ruby

BUNDLED WITH
   1.11.2
