GEM
  remote: https://rubygems.org/
  specs:
    curb (0.9.3)
    hue (0.2.0)
      curb
      json
      log_switch (= 0.4.0)
      thor
    json (1.8.3)
    log_switch (0.4.0)
    rack (1.6.4)
    rack-protection (1.5.3)
      rack
    shotgun (0.9.1)
      rack (>= 1.0)
    sinatra (1.4.7)
      rack (~> 1.5)
      rack-protection (~> 1.4)
      tilt (>= 1.3, < 3)
    thor (0.19.1)
    tilt (2.0.2)

PLATFORMS
  ruby

DEPENDENCIES
  hue
  shotgun
  sinatra

BUNDLED WITH
   1.11.2
